PATH
  remote: .
  specs:
    reflex (0.0.3)
      nokogiri (>= 1.8.5)
      rgeo (~> 2.0.1)
      rgeo-proj4
      ruby-filemagic
      rubyzip (>= 1.2.2)

GEM
  remote: https://rubygems.org/
  specs:
    addressable (2.5.2)
      public_suffix (>= 2.0.2, < 4.0)
    awesome_print (1.8.0)
    bundler-audit (0.6.0)
      bundler (~> 1.2)
      thor (~> 0.18)
    crack (0.4.3)
      safe_yaml (~> 1.0.0)
    diff-lcs (1.3)
    hashdiff (0.3.7)
    mini_portile2 (2.8.0)
    nokogiri (1.13.4)
      mini_portile2 (~> 2.8.0)
      racc (~> 1.4)
    public_suffix (3.0.2)
    racc (1.6.0)
    rake (12.3.0)
    rgeo (2.0.1)
    rgeo-proj4 (2.0.0)
      rgeo (~> 2.0)
    rspec (3.7.0)
      rspec-core (~> 3.7.0)
      rspec-expectations (~> 3.7.0)
      rspec-mocks (~> 3.7.0)
    rspec-core (3.7.1)
      rspec-support (~> 3.7.0)
    rspec-expectations (3.7.0)
      diff-lcs (>= 1.2.0, < 2.0)
      rspec-support (~> 3.7.0)
    rspec-mocks (3.7.0)
      diff-lcs (>= 1.2.0, < 2.0)
      rspec-support (~> 3.7.0)
    rspec-support (3.7.1)
    ruby-filemagic (0.7.2)
    rubyzip (1.2.3)
    safe_yaml (1.0.4)
    thor (0.20.0)
    webmock (3.3.0)
      addressable (>= 2.3.6)
      crack (>= 0.3.2)
      hashdiff

PLATFORMS
  ruby

DEPENDENCIES
  awesome_print
  bundler
  bundler-audit
  rake
  reflex!
  rspec
  webmock

BUNDLED WITH
   1.17.2
